GEM
  remote: http://rubygems.org/
  specs:
    br-cpf (1.0.1)
      ffi (~> 1.0)
    diff-lcs (1.2.5)
    ffi (1.9.3)
    json (1.8.1)
    newrelic_rpm (3.7.2.195)
    puma (2.7.1)
      rack (>= 1.1, < 2.0)
    rack (1.5.2)
    rspec (2.14.1)
      rspec-core (~> 2.14.0)
      rspec-expectations (~> 2.14.0)
      rspec-mocks (~> 2.14.0)
    rspec-core (2.14.7)
    rspec-expectations (2.14.5)
      diff-lcs (>= 1.1.3, < 2.0)
    rspec-mocks (2.14.5)
    shotgun (0.9)
      rack (>= 1.0)
    sinatra (1.0)
      rack (>= 1.0)
    sinatra-cross_origin (0.3.2)

PLATFORMS
  ruby

DEPENDENCIES
  br-cpf
  json
  newrelic_rpm
  puma
  rspec
  shotgun
  sinatra
  sinatra-cross_origin
